GIT
  remote: https://github.com/dryrb/dry-component
  revision: 56f64864637d432679ca3ee0abfebb0fec1a4461
  specs:
    dry-component (0.0.2)
      dry-auto_inject (~> 0.1)
      dry-configurable (~> 0.1)
      dry-container (~> 0.2, >= 0.2.7)
      inflecto (>= 0.0.2)

GIT
  remote: https://github.com/dryrb/dry-validation
  revision: 6447302f3b53766b29f29230831890a5cc3822e0
  ref: 6447302f3b53766b29f29230831890a5cc3822e0
  specs:
    dry-validation (0.6.0)
      dry-configurable (~> 0.1, >= 0.1.3)
      dry-container (~> 0.2, >= 0.2.8)
      dry-data (~> 0.5, >= 0.5.0)
      dry-equalizer (~> 0.2)
      dry-logic (~> 0.1, >= 0.1.4)

GIT
  remote: https://github.com/solnic/rodakase
  revision: efafb2d3dc8ca5d6c0b676c5823bbda193e41eb5
  specs:
    rodakase (0.0.1)
      dry-component (~> 0)
      dry-configurable (~> 0.1)
      dry-equalizer (~> 0.2)
      inflecto (~> 0)
      roda (~> 2.7)
      tilt (~> 2.0)
      transflow (~> 0.3)

GEM
  remote: https://rubygems.org/
  specs:
    addressable (2.3.8)
    byebug (5.0.0)
      columnize (= 0.9.0)
    capybara (2.5.0)
      mime-types (>= 1.16)
      nokogiri (>= 1.3.3)
      rack (>= 1.0.0)
      rack-test (>= 0.5.4)
      xpath (~> 2.0)
    capybara-screenshot (1.0.11)
      capybara (>= 1.0, < 3)
      launchy
    coderay (1.1.0)
    columnize (0.9.0)
    database_cleaner (1.5.1)
    diff-lcs (1.2.5)
    dry-auto_inject (0.2.0)
    dry-configurable (0.1.3)
      thread_safe
    dry-container (0.2.8)
      dry-configurable (~> 0.1, >= 0.1.3)
      thread_safe
    dry-data (0.5.1)
      dry-configurable (~> 0.1)
      dry-container (~> 0.2)
      dry-equalizer (~> 0.2)
      dry-logic (~> 0.1)
      inflecto (~> 0.0.0, >= 0.0.2)
      kleisli (~> 0.2)
      thread_safe (~> 0.3)
    dry-equalizer (0.2.0)
    dry-logic (0.1.4)
      dry-container (~> 0.2, >= 0.2.6)
      dry-equalizer (~> 0.2)
    dry-pipeline (0.0.2)
    either_result_matcher (0.1.0)
      kleisli
    ffi (1.9.10)
    formalist (0.2.2)
      dry-configurable
      dry-container
      dry-validation (~> 0.6.0)
      inflecto
    formatador (0.2.5)
    guard (2.13.0)
      formatador (>= 0.2.4)
      listen (>= 2.7, <= 4.0)
      lumberjack (~> 1.0)
      nenv (~> 0.1)
      notiffany (~> 0.0)
      pry (>= 0.9.12)
      shellany (~> 0.0)
      thor (>= 0.18.1)
    guard-compat (1.2.1)
    guard-rspec (4.6.4)
      guard (~> 2.1)
      guard-compat (~> 1.1)
      rspec (>= 2.99.0, < 4.0)
    inflecto (0.0.2)
    kleisli (0.2.7)
    launchy (2.4.3)
      addressable (~> 2.3)
    listen (3.0.3)
      rb-fsevent (>= 0.9.3)
      rb-inotify (>= 0.9)
    lumberjack (1.0.9)
    method_source (0.8.2)
    mime-types (2.6.2)
    mini_portile (0.6.2)
    nenv (0.2.0)
    nokogiri (1.6.6.2)
      mini_portile (~> 0.6.0)
    notiffany (0.0.8)
      nenv (~> 0.1)
      shellany (~> 0.0)
    pry (0.10.3)
      coderay (~> 1.1.0)
      method_source (~> 0.8.1)
      slop (~> 3.4)
    pry-byebug (3.2.0)
      byebug (~> 5.0)
      pry (~> 0.10)
    puma (2.14.0)
    rack (1.6.4)
    rack-test (0.6.3)
      rack (>= 1.0)
    rb-fsevent (0.9.6)
    rb-inotify (0.9.5)
      ffi (>= 0.5.0)
    roda (2.11.0)
      rack
    rspec (3.3.0)
      rspec-core (~> 3.3.0)
      rspec-expectations (~> 3.3.0)
      rspec-mocks (~> 3.3.0)
    rspec-core (3.3.2)
      rspec-support (~> 3.3.0)
    rspec-expectations (3.3.1)
      diff-lcs (>= 1.2.0, < 2.0)
      rspec-support (~> 3.3.0)
    rspec-mocks (3.3.2)
      diff-lcs (>= 1.2.0, < 2.0)
      rspec-support (~> 3.3.0)
    rspec-support (3.3.0)
    shellany (0.0.1)
    shotgun (0.9.1)
      rack (>= 1.0)
    site_prism (2.8)
      addressable (>= 2.3.3, < 3.0)
      capybara (>= 2.1, < 3.0)
    slim (3.0.6)
      temple (~> 0.7.3)
      tilt (>= 1.3.3, < 2.1)
    slop (3.6.0)
    temple (0.7.6)
    thor (0.19.1)
    thread_safe (0.3.5)
    tilt (2.0.2)
    transflow (0.3.0)
      dry-pipeline
      kleisli
      wisper
    wisper (1.6.1)
    xpath (2.0.0)
      nokogiri (~> 1.3)

PLATFORMS
  ruby

DEPENDENCIES
  byebug
  capybara
  capybara-screenshot
  database_cleaner
  dry-component!
  dry-data
  dry-validation!
  either_result_matcher
  formalist (~> 0.2.2)
  guard-rspec
  inflecto
  kleisli
  pry-byebug
  puma
  rodakase!
  rspec
  shotgun
  site_prism
  slim

BUNDLED WITH
   1.11.2
